GEM
  remote: http://rubygems.org/
  specs:
    activesupport (3.1.3)
      multi_json (~> 1.0)
    i18n (0.6.0)
    multi_json (1.0.3)
    rack (1.3.5)
    rack-test (0.6.1)
      rack (>= 1.0)
    serve (1.5.1)
      activesupport (~> 3.0)
      i18n
      rack (~> 1.2)
      rack-test (~> 0.5)
      tilt (~> 1.3)
      tzinfo
    tilt (1.3.3)
    tzinfo (0.3.31)

PLATFORMS
  ruby

DEPENDENCIES
  rack
  serve
